NUGET
  remote: https://www.nuget.org/api/v2
    FSharp.Core (4.0.0.1)
    Microsoft.Owin (3.0.1)
      Owin (>= 1.0)
    Microsoft.Owin.FileSystems (3.0.1)
    Microsoft.Owin.Host.HttpListener (3.0.1)
    Microsoft.Owin.Host.SystemWeb (3.0.1)
      Microsoft.Owin (>= 3.0.1)
      Owin (>= 1.0)
    Microsoft.Owin.Hosting (3.0.1)
      Microsoft.Owin (>= 3.0.1)
      Owin (>= 1.0)
    Microsoft.Owin.StaticFiles (3.0.1)
      Microsoft.Owin (>= 3.0.1)
      Microsoft.Owin.FileSystems (>= 3.0.1)
      Owin (>= 1.0)
    Mono.Cecil (0.9.6.4)
    Owin (1.0)
    WebSharper (3.6.17.240)
    WebSharper.Owin (3.6.13.132)
      Microsoft.Owin (>= 3.0.1)
      Owin (>= 1.0)
      WebSharper (>= 3.6.17.240)
    WebSharper.UI.Next (3.6.15.211)
      WebSharper (>= 3.6.12.235)
